GIT
  remote: https://github.com/sul-dlss/traject_plus.git
  revision: acfd856b31836e5c302f1572b9848ab39f490ed2
  specs:
    traject_plus (0.0.1)
      activesupport
      jsonpath
      traject

GEM
  remote: https://rubygems.org/
  specs:
    activesupport (5.1.4)
      concurrent-ruby (~> 1.0, >= 1.0.2)
      i18n (~> 0.7)
      minitest (~> 5.1)
      tzinfo (~> 1.1)
    byebug (9.1.0)
    concurrent-ruby (1.0.5)
    dot-properties (0.1.3)
    faraday (0.9.2)
      multipart-post (>= 1.2, < 3)
    hashie (3.5.6)
    httpclient (2.8.3)
    i18n (0.9.1)
      concurrent-ruby (~> 1.0)
    iiif (0.0.2)
      iiif-image-api
      osullivan
    iiif-image-api (0.1.0)
      activesupport (<= 6)
    json (2.1.0)
    jsonpath (0.8.10)
      multi_json
    marc (1.0.2)
      scrub_rb (>= 1.0.1, < 2)
      unf
    marc-fastxmlwriter (1.0.0)
      marc (~> 1.0)
    mini_portile2 (2.3.0)
    minitest (5.10.3)
    multi_json (1.12.2)
    multipart-post (2.0.0)
    nokogiri (1.8.1)
      mini_portile2 (~> 2.3.0)
    osullivan (0.0.3)
      activesupport (>= 3.2.18)
      faraday (~> 0.9.0)
      json
    scrub_rb (1.0.1)
    slop (3.6.0)
    thread_safe (0.3.6)
    traject (2.3.3)
      concurrent-ruby (>= 0.8.0)
      dot-properties (>= 0.1.1)
      hashie (~> 3.1)
      httpclient (~> 2.5)
      marc (~> 1.0)
      marc-fastxmlwriter (~> 1.0)
      slop (>= 3.4.5, < 4.0)
      yell
    tzinfo (1.2.4)
      thread_safe (~> 0.1)
    unf (0.1.4)
      unf_ext
    unf_ext (0.0.7.4)
    yell (2.0.7)

PLATFORMS
  ruby

DEPENDENCIES
  byebug
  iiif
  nokogiri
  traject_plus!

BUNDLED WITH
   1.16.0
